GEM
  remote: http://rubygems.org/
  specs:
    builder (2.1.2)
    coderay (1.0.8)
    daemons (1.3.1)
    eventmachine (1.2.7)
    mini_portile2 (2.4.0)
    nokogiri (1.10.3)
      mini_portile2 (~> 2.4.0)
    rack (2.0.7)
    rack-codehighlighter (0.6.0)
      nokogiri (>= 1.4.1)
      rack (>= 2.0.0)
    rack-rewrite (1.2.1)
    rdiscount (1.6.8)
    thin (1.7.2)
      daemons (~> 1.0, >= 1.0.9)
      eventmachine (~> 1.0, >= 1.0.4)
      rack (>= 1, < 3)
    toto (0.4.9)
      builder
      rack
      rdiscount

PLATFORMS
  ruby

DEPENDENCIES
  builder (= 2.1.2)
  coderay (= 1.0.8)
  rack-codehighlighter (= 0.6.0)
  rack-rewrite (= 1.2.1)
  rdiscount (= 1.6.8)
  thin (= 1.7.2)
  toto (= 0.4.9)

BUNDLED WITH
   1.16.2
