GEM
  remote: http://rubygems.org/
  specs:
    builder (2.1.2)
    coderay (1.0.8)
    nokogiri (1.5.5)
    rack (1.4.1)
    rack-codehighlighter (0.5.0)
      nokogiri (>= 1.4.1)
      rack (>= 1.0.0)
    rack-rewrite (1.2.1)
    rdiscount (1.6.8)
    toto (0.4.9)
      builder
      rack
      rdiscount

PLATFORMS
  ruby

DEPENDENCIES
  builder (= 2.1.2)
  coderay (= 1.0.8)
  rack-codehighlighter (= 0.5.0)
  rack-rewrite (= 1.2.1)
  rdiscount (= 1.6.8)
  toto (= 0.4.9)
