GEM
  remote: http://rubygems.org/
  specs:
    async (1.17.1)
      console (~> 1.0)
      nio4r (~> 2.3)
      timers (~> 4.1)
    async-container (0.10.2)
      async (~> 1.0)
      async-io (~> 1.4)
      process-group
    async-http (0.40.3)
      async (~> 1.14)
      async-io (~> 1.18)
      protocol-http (~> 0.3.0)
      protocol-http1 (~> 0.5.0)
      protocol-http2 (~> 0.2.0)
    async-io (1.23.1)
      async (~> 1.14)
    build-environment (1.10.1)
    builder (2.1.2)
    coderay (1.0.8)
    console (1.2.4)
    falcon (0.30.0)
      async (~> 1.13)
      async-container (~> 0.10.0)
      async-http (~> 0.40.0)
      async-io (~> 1.22)
      build-environment (~> 1.6)
      localhost (~> 1.1)
      rack (>= 1.0)
      samovar (~> 2.1)
    localhost (1.1.5)
    mapping (1.1.1)
    mini_portile2 (2.4.0)
    nio4r (2.3.1)
    nokogiri (1.10.3)
      mini_portile2 (~> 2.4.0)
    process-group (1.1.0)
    prometheus-client (0.9.0)
      quantile (~> 0.2.1)
    protocol-hpack (1.0.0)
    protocol-http (0.3.0)
    protocol-http1 (0.5.0)
      protocol-http (~> 0.2)
    protocol-http2 (0.2.1)
      protocol-hpack (~> 1.0)
      protocol-http (~> 0.2)
    quantile (0.2.1)
    rack (2.0.7)
    rack-codehighlighter (0.6.0)
      nokogiri (>= 1.4.1)
      rack (>= 2.0.0)
    rack-rewrite (1.2.1)
    rdiscount (1.6.8)
    samovar (2.1.1)
      console (~> 1.0)
      mapping (~> 1.0)
    timers (4.3.0)
    toto (0.4.9)
      builder
      rack
      rdiscount

PLATFORMS
  ruby

DEPENDENCIES
  builder (= 2.1.2)
  coderay (= 1.0.8)
  falcon (= 0.30.0)
  prometheus-client (= 0.9.0)
  rack-codehighlighter (= 0.6.0)
  rack-rewrite (= 1.2.1)
  rdiscount (= 1.6.8)
  toto (= 0.4.9)

BUNDLED WITH
   1.16.2
