GEM
  remote: http://rubygems.org/
  specs:
    builder (2.1.2)
    rack (1.4.1)
    rack-rewrite (1.2.1)
    rdiscount (1.6.8)
    toto (0.4.9)
      builder
      rack
      rdiscount

PLATFORMS
  ruby

DEPENDENCIES
  builder (= 2.1.2)
  rack-rewrite (= 1.2.1)
  rdiscount (= 1.6.8)
  toto (= 0.4.9)
